PATH
  remote: .
  specs:
    bigquery (0.2.9)
      google-api-client (>= 0.4.6)

GEM
  remote: http://rubygems.org/
  specs:
    addressable (2.3.6)
    autoparse (0.3.3)
      addressable (>= 2.3.1)
      extlib (>= 0.9.15)
      multi_json (>= 1.0.0)
    byebug (9.0.6)
    extlib (0.9.16)
    faraday (0.9.0)
      multipart-post (>= 1.2, < 3)
    google-api-client (0.7.1)
      addressable (>= 2.3.2)
      autoparse (>= 0.3.3)
      extlib (>= 0.9.15)
      faraday (>= 0.9.0)
      jwt (>= 0.1.5)
      launchy (>= 2.1.1)
      multi_json (>= 1.0.0)
      retriable (>= 1.4)
      signet (>= 0.5.0)
      uuidtools (>= 2.1.0)
    jwt (1.2.0)
    launchy (2.4.3)
      addressable (~> 2.3)
    minitest (5.4.3)
    multi_json (1.10.1)
    multipart-post (2.0.0)
    rake (10.4.0)
    retriable (1.4.1)
    signet (0.5.1)
      addressable (>= 2.2.3)
      faraday (>= 0.9.0.rc5)
      jwt (>= 0.1.5)
      multi_json (>= 1.0.0)
    uuidtools (2.1.5)

PLATFORMS
  ruby

DEPENDENCIES
  bigquery!
  bundler
  byebug
  minitest
  rake

BUNDLED WITH
   1.15.2
